GEM
  remote: https://rubygems.org/
  specs:
    coderay (1.1.2)
    method_source (0.8.2)
    pry (0.11.0)
      coderay (~> 1.1.0)
      method_source (~> 0.8.1)
    redis (4.0.0)
    smarter_csv (1.1.4)

PLATFORMS
  ruby

DEPENDENCIES
  pry
  redis
  smarter_csv

BUNDLED WITH
   1.12.5
